PATH
  remote: .
  specs:
    pdfkit-amd64 (0.9.9.1)
      pdfkit

GEM
  remote: http://rubygems.org/
  specs:
    diff-lcs (1.1.2)
    pdfkit (0.4.6)
    rake (0.8.7)
    rspec (2.0.0)
      rspec-core (= 2.0.0)
      rspec-expectations (= 2.0.0)
      rspec-mocks (= 2.0.0)
    rspec-core (2.0.0)
    rspec-expectations (2.0.0)
      diff-lcs (>= 1.1.2)
    rspec-mocks (2.0.0)
      rspec-core (= 2.0.0)
      rspec-expectations (= 2.0.0)

PLATFORMS
  ruby

DEPENDENCIES
  pdfkit
  pdfkit-amd64!
  rake
  rspec (~> 2.0)
