PATH
  remote: .
  specs:
    pdfkit-amd64 (0.9.9.2)
      pdfkit

GEM
  remote: http://rubygems.org/
  specs:
    diff-lcs (1.1.3)
    pdfkit (0.5.2)
    rake (0.9.2.2)
    rspec (2.11.0)
      rspec-core (~> 2.11.0)
      rspec-expectations (~> 2.11.0)
      rspec-mocks (~> 2.11.0)
    rspec-core (2.11.1)
    rspec-expectations (2.11.1)
      diff-lcs (~> 1.1.3)
    rspec-mocks (2.11.1)

PLATFORMS
  ruby

DEPENDENCIES
  pdfkit-amd64!
  rake
  rspec (~> 2.0)
